{
	"TaskName": "imagery",
	"Manufacturer": "Neuracle NeuSen W",
	"PowerLineFrequency": 50.0,
	"SamplingFrequency": 1000.0,
	"SoftwareFilters": "n/a",
	"RecordingDuration": 2218.999,
	"RecordingType": "continuous",
	"EEGReference": "n/a",
	"EEGGround": "n/a",
	"EEGPlacementScheme": "10-05 system",
	"EEGChannelCount": 59,
	"EOGChannelCount": 4,
	"ECGChannelCount": 1,
	"EMGChannelCount": 0,
	"TriggerChannelCount": 0,
	"ManufacturersModelName": "Neuracle NeuSen W",
	"SoftwareVersions": "n/a",
	"HardwareFilters": "n/a",
	"TaskDescription": "Multi-day MI-BCI: 2C (left/right hand, 51 subj) and 3C (left hand, right hand, foot-hooking, 11 subj). 3 sessions per subject on different days. Trial duration: 7.5s, cue: 1.5s, imagery: 4.0s.",
	"Instructions": "n/a",
	"CogAtlasID": "https://www.cognitiveatlas.org/task/id/trm_4c8a834779883/",
	"InstitutionName": "Shanghai University",
	"InstitutionAddress": "CN",
	"InstitutionalDepartmentName": "n/a",
	"CapManufacturer": "n/a",
	"CapManufacturersModelName": "n/a",
	"SubjectArtefactDescription": "n/a",
	"DeviceSerialNumber": "n/a",
	"Description": "EEG recording.",
	"MISCChannelCount": 0
}